GEM
  remote: https://rubygems.org/
  specs:
    bson (1.7.0)
    bson_ext (1.7.0)
      bson (~> 1.7.0)
    georuby (1.9.9)
    json (1.7.5)
    mongo (1.7.0)
      bson (~> 1.7.0)
    newrelic_rpm (3.5.0)
    rack (1.4.1)
    rack-protection (1.2.0)
      rack
    sinatra (1.3.3)
      rack (~> 1.3, >= 1.3.6)
      rack-protection (~> 1.2)
      tilt (~> 1.3, >= 1.3.3)
    tilt (1.3.3)

PLATFORMS
  ruby

DEPENDENCIES
  bson_ext
  georuby
  json
  mongo
  newrelic_rpm
  sinatra
