GEM
  remote: https://rubygems.org/
  specs:
    GeoRuby (1.3.4)
    griffordson-georuby-extras (0.7.0)
      GeoRuby (>= 1.2.0)
    json (1.7.5)
    newrelic_rpm (3.5.0)
    rack (1.4.1)
    rack-protection (1.2.0)
      rack
    sinatra (1.3.3)
      rack (~> 1.3, >= 1.3.6)
      rack-protection (~> 1.2)
      tilt (~> 1.3, >= 1.3.3)
    tilt (1.3.3)

PLATFORMS
  ruby

DEPENDENCIES
  griffordson-georuby-extras
  json
  newrelic_rpm
  sinatra
